GEM
  remote: https://rubygems.org/
  specs:
    chunky_png (1.3.5)
    trollop (2.1.2)

PLATFORMS
  ruby

DEPENDENCIES
  chunky_png
  trollop

BUNDLED WITH
   1.11.2
